GIT
  remote: https://github.com/ahogappa0613/c_lang_gem.git
  revision: a1222332d763575173d3004b663b560a863b391d
  specs:
    c_lang_gem (0.1.0)

GIT
  remote: https://github.com/ahogappa0613/rust_gem.git
  revision: dab72e9d99370d28543bb945345450a1e93631cd
  specs:
    rust_gem (0.1.0)

GEM
  remote: https://rubygems.org/
  specs:

PLATFORMS
  arm64-darwin-23

DEPENDENCIES
  c_lang_gem!
  rust_gem!

BUNDLED WITH
   2.4.10
