GIT
  remote: https://github.com/sparklemotion/sqlite3-ruby.git
  revision: 676b1a7ee71e6e32e52c1f84cf24caf456415916
  specs:
    sqlite3 (1.6.3)
      mini_portile2 (~> 2.8.0)

GEM
  remote: https://rubygems.org/
  specs:
    mini_portile2 (2.8.2)

PLATFORMS
  arm64-darwin-22
  x86_64-darwin-21

DEPENDENCIES
  sqlite3!

BUNDLED WITH
   2.3.14
